GEM
  remote: https://rubygems.org/
  specs:
    activesupport (4.1.1)
      i18n (~> 0.6, >= 0.6.9)
      json (~> 1.7, >= 1.7.7)
      minitest (~> 5.1)
      thread_safe (~> 0.1)
      tzinfo (~> 1.1)
    blankslate (2.1.2.4)
    citrus (3.0.1)
    colored (1.2)
    i18n (0.6.9)
    json (1.8.1)
    mime-types (2.4.3)
    minitest (5.3.3)
    netrc (0.7.9)
    parslet (1.5.0)
      blankslate (~> 2.0)
    rest-client (1.7.2)
      mime-types (>= 1.16, < 3.0)
      netrc (~> 0.7)
    slop (4.0.0)
    thread_safe (0.3.3)
    toml (0.1.2)
      parslet (~> 1.5.0)
    tzinfo (1.1.0)
      thread_safe (~> 0.1)

PLATFORMS
  ruby

DEPENDENCIES
  activesupport
  citrus
  colored
  rest-client
  slop (~> 4.0.0)
  toml
